PATH
  remote: .
  specs:
    yardview (0.1.0)
      atk
      cairo
      cairo-gobject
      gdk3
      gdk_pixbuf2
      gio2
      glib2
      gtk3
      pango
      webkit2-gtk
      yard

GEM
  remote: https://rubygems.org/
  specs:
    atk (3.2.7)
    cairo (1.15.13)
      native-package-installer (>= 1.0.3)
      pkg-config (>= 1.2.2)
    cairo-gobject (3.2.7)
    gdk3 (3.2.7)
    gdk_pixbuf2 (3.2.7)
    gio2 (3.2.7)
    glib2 (3.2.7)
    gobject-introspection (3.2.7)
    gtk3 (3.2.7)
    native-package-installer (1.0.6)
    pango (3.2.7)
    pkg-config (1.3.1)
    rake (10.5.0)
    webkit2-gtk (3.2.7)
      gobject-introspection (= 3.2.7)
      gtk3 (= 3.2.7)
    yard (0.9.14)

PLATFORMS
  ruby

DEPENDENCIES
  bundler (~> 1.16)
  rake (~> 10.0)
  yardview!

BUNDLED WITH
   1.16.2
