PATH
  remote: .
  specs:
    yardview_gtk3 (0.3.0)
      atk
      cairo
      cairo-gobject
      gdk3
      gdk_pixbuf2
      gio2
      glib2
      gtk3
      pango
      webkit2-gtk
      yard

GEM
  remote: https://rubygems.org/
  specs:
    atk (3.4.3)
      glib2 (= 3.4.3)
    cairo (1.16.5)
      native-package-installer (>= 1.0.3)
      pkg-config (>= 1.2.2)
    cairo-gobject (3.4.3)
      cairo (>= 1.16.2)
      glib2 (= 3.4.3)
    gdk3 (3.4.3)
      cairo-gobject (= 3.4.3)
      gdk_pixbuf2 (= 3.4.3)
      pango (= 3.4.3)
    gdk_pixbuf2 (3.4.3)
      gio2 (= 3.4.3)
    gio2 (3.4.3)
      gobject-introspection (= 3.4.3)
    glib2 (3.4.3)
      native-package-installer (>= 1.0.3)
      pkg-config (>= 1.3.5)
    gobject-introspection (3.4.3)
      glib2 (= 3.4.3)
    gtk3 (3.4.3)
      atk (= 3.4.3)
      gdk3 (= 3.4.3)
      gdk_pixbuf2 (= 3.4.3)
      gio2 (= 3.4.3)
      pango (= 3.4.3)
    native-package-installer (1.0.9)
    pango (3.4.3)
      cairo-gobject (= 3.4.3)
      gobject-introspection (= 3.4.3)
    pkg-config (1.4.1)
    rake (13.0.1)
    webkit2-gtk (3.4.3)
      gtk3 (= 3.4.3)
    yard (0.9.25)

PLATFORMS
  ruby

DEPENDENCIES
  bundler
  rake
  yardview_gtk3!

BUNDLED WITH
   2.1.4
